GEM
  remote: https://rubygems.org/
  specs:
    pg (0.18.4)
    rack (1.6.11)
    rack-protection (1.5.5)
      rack
    sinatra (1.4.7)
      rack (~> 1.5)
      rack-protection (~> 1.4)
      tilt (>= 1.3, < 3)
    sinatra-cross_origin (0.3.2)
    tilt (2.0.3)

PLATFORMS
  ruby

DEPENDENCIES
  pg
  rack (>= 1.6.11)
  rack-protection (>= 1.5.5)
  sinatra
  sinatra-cross_origin

BUNDLED WITH
   1.16.0
